GEM
  remote: https://rubygems.org/
  specs:
    bson (4.2.1)
    coderay (1.1.1)
    dotenv (2.1.2)
    geocoder (1.4.1)
    httparty (0.13.5)
      json (~> 1.8)
      multi_xml (>= 0.5.2)
    json (1.8.3)
    method_source (0.8.2)
    mini_portile2 (2.1.0)
    mongo (2.4.1)
      bson (>= 4.2.1, < 5.0.0)
    multi_xml (0.5.5)
    nokogiri (1.7.0.1)
      mini_portile2 (~> 2.1.0)
    pry (0.10.4)
      coderay (~> 1.1.0)
      method_source (~> 0.8.1)
      slop (~> 3.4)
    rack (1.6.5)
    rack-protection (1.5.3)
      rack
    sinatra (1.4.7)
      rack (~> 1.5)
      rack-protection (~> 1.4)
      tilt (>= 1.3, < 3)
    slop (3.6.0)
    tilt (2.0.5)

PLATFORMS
  ruby

DEPENDENCIES
  dotenv
  geocoder
  httparty
  mongo
  nokogiri
  pry
  sinatra

BUNDLED WITH
   1.14.0.pre.1
